GIT
  remote: https://github.com/marlonconstante/ruby-orchestrate.io.git
  revision: 49065de089ca0312e8a0c94d7630badd4fc05f69
  specs:
    orchestrate.io (0.1.6)
      httparty (< 0.12.0)
      json (< 1.8.0)

GEM
  remote: https://rubygems.org/
  specs:
    addressable (2.3.5)
    daemons (1.1.9)
    eventmachine (1.0.3)
    httparty (0.11.0)
      multi_json (~> 1.0)
      multi_xml (>= 0.5.2)
    json (1.7.7)
    launchy (2.4.2)
      addressable (~> 2.3)
    multi_json (1.9.0)
    multi_xml (0.5.5)
    pdfkit (0.6.1)
    rack (1.5.2)
    rack-protection (1.5.2)
      rack
    sinatra (1.4.4)
      rack (~> 1.4)
      rack-protection (~> 1.4)
      tilt (~> 1.3, >= 1.3.4)
    thin (1.6.2)
      daemons (>= 1.0.9)
      eventmachine (>= 1.0.0)
      rack (>= 1.0.0)
    tilt (1.4.1)
    wkhtmltopdf-binary (0.9.9.1)

PLATFORMS
  ruby

DEPENDENCIES
  launchy
  orchestrate.io!
  pdfkit
  sinatra (~> 1.4.4)
  thin
  wkhtmltopdf-binary
